GEM
  remote: http://rubygems.org/
  specs:
    rack (1.4.1)
    refraction (0.2.0)

PLATFORMS
  ruby

DEPENDENCIES
  rack
  refraction
